GEM
  remote: http://rubygems.org/
  specs:
    bson (1.4.0)
    bson (1.4.0-java)
    bson_ext (1.5.1)
    diff-lcs (1.1.3)
    extlib (0.9.15)
    json (1.7.3)
    json (1.7.3-java)
    mongo (1.4.0)
      bson (= 1.4.0)
    rack (1.4.1)
    rack-test (0.6.1)
      rack (>= 1.0)
    rake (0.9.2.2)
    rspec (2.7.0)
      rspec-core (~> 2.7.0)
      rspec-expectations (~> 2.7.0)
      rspec-mocks (~> 2.7.0)
    rspec-core (2.7.1)
    rspec-expectations (2.7.0)
      diff-lcs (~> 1.1.2)
    rspec-mocks (2.7.0)

PLATFORMS
  java
  ruby

DEPENDENCIES
  bson
  bson_ext
  extlib
  json
  mongo
  rack-test
  rake
  rspec (~> 2.0)
