PATH
  remote: .
  specs:
    mordor (0.1.2)
      bson_ext
      extlib
      json
      mongo

GEM
  specs:
    bson (1.4.0)
    bson_ext (1.4.0)
    diff-lcs (1.1.3)
    extlib (0.9.15)
    json (1.6.1)
    mongo (1.4.0)
      bson (= 1.4.0)
    rake (0.9.2.2)
    rspec (2.7.0)
      rspec-core (~> 2.7.0)
      rspec-expectations (~> 2.7.0)
      rspec-mocks (~> 2.7.0)
    rspec-core (2.7.1)
    rspec-expectations (2.7.0)
      diff-lcs (~> 1.1.2)
    rspec-mocks (2.7.0)

PLATFORMS
  ruby

DEPENDENCIES
  bson_ext
  extlib
  json
  mongo
  mordor!
  rake
  rspec (~> 2.0)
